GEM
  remote: https://rubygems.org/
  specs:
    actionmailer (3.2.8)
      actionpack (= 3.2.8)
      mail (~> 2.4.4)
    actionpack (3.2.8)
      activemodel (= 3.2.8)
      activesupport (= 3.2.8)
      builder (~> 3.0.0)
      erubis (~> 2.7.0)
      journey (~> 1.0.4)
      rack (~> 1.4.0)
      rack-cache (~> 1.2)
      rack-test (~> 0.6.1)
      sprockets (~> 2.1.3)
    activemodel (3.2.8)
      activesupport (= 3.2.8)
      builder (~> 3.0.0)
    activerecord (3.2.8)
      activemodel (= 3.2.8)
      activesupport (= 3.2.8)
      arel (~> 3.0.2)
      tzinfo (~> 0.3.29)
    activeresource (3.2.8)
      activemodel (= 3.2.8)
      activesupport (= 3.2.8)
    activesupport (3.2.8)
      i18n (~> 0.6)
      multi_json (~> 1.0)
    acts_as_commentable (3.0.1)
    acts_as_list (0.1.4)
    addressable (2.3.2)
    annotate (2.5.0)
      rake
    arel (3.0.2)
    bcrypt-ruby (3.0.1)
    best_in_place (1.1.2)
      jquery-rails
      rails (~> 3.1)
    better_errors (0.3.0)
      coderay (>= 1.0.0)
      erubis (>= 2.7.0)
    binding_of_caller (0.6.8)
    builder (3.0.4)
    cancan (1.6.8)
    capistrano (2.14.2)
      highline
      net-scp (>= 1.0.0)
      net-sftp (>= 2.0.0)
      net-ssh (>= 2.0.14)
      net-ssh-gateway (>= 1.1.0)
    capybara (2.0.1)
      mime-types (>= 1.16)
      nokogiri (>= 1.3.3)
      rack (>= 1.0.0)
      rack-test (>= 0.5.4)
      selenium-webdriver (~> 2.0)
      xpath (~> 1.0.0)
    carrierwave (0.6.2)
      activemodel (>= 3.2.0)
      activesupport (>= 3.2.0)
    childprocess (0.3.6)
      ffi (~> 1.0, >= 1.0.6)
    coderay (1.0.8)
    coffee-rails (3.2.2)
      coffee-script (>= 2.2.0)
      railties (~> 3.2.0)
    coffee-script (2.2.0)
      coffee-script-source
      execjs
    coffee-script-source (1.3.3)
    commonjs (0.2.6)
    devise (2.1.2)
      bcrypt-ruby (~> 3.0)
      orm_adapter (~> 0.1)
      railties (~> 3.1)
      warden (~> 1.2.1)
    diff-lcs (1.1.3)
    erubis (2.7.0)
    execjs (1.4.0)
      multi_json (~> 1.0)
    factory_girl (1.3.3)
    factory_girl_rails (1.0)
      factory_girl (~> 1.3)
      rails (>= 3.0.0.beta4)
    faker (0.3.1)
    faraday (0.8.4)
      multipart-post (~> 1.1)
    ffi (1.2.0)
    hashie (1.2.0)
    highline (1.6.15)
    hike (1.2.1)
    httpauth (0.2.0)
    i18n (0.6.1)
    journey (1.0.4)
    jquery-fileupload-rails (0.3.2)
      actionpack (>= 3.1)
      railties (>= 3.1)
    jquery-rails (2.1.3)
      railties (>= 3.1.0, < 5.0)
      thor (~> 0.14)
    json (1.7.5)
    jwt (0.1.5)
      multi_json (>= 1.0)
    kgio (2.8.0)
    launchy (2.1.2)
      addressable (~> 2.3)
    less (2.2.2)
      commonjs (~> 0.2.6)
    less-rails (2.2.3)
      actionpack (>= 3.1)
      less (~> 2.2.0)
    libv8 (3.3.10.4)
    libwebsocket (0.1.7.1)
      addressable
      websocket
    mail (2.4.4)
      i18n (>= 0.4.0)
      mime-types (~> 1.16)
      treetop (~> 1.4.8)
    meta_request (0.2.1)
      rack-contrib
      rails
    mime-types (1.19)
    mini_magick (3.4)
      subexec (~> 0.2.1)
    multi_json (1.3.6)
    multipart-post (1.1.5)
    net-scp (1.1.0)
      net-ssh (>= 2.6.5)
    net-sftp (2.1.1)
      net-ssh (>= 2.6.5)
    net-ssh (2.6.5)
    net-ssh-gateway (1.2.0)
      net-ssh (>= 2.6.5)
    nokogiri (1.5.5)
    oauth2 (0.8.0)
      faraday (~> 0.8)
      httpauth (~> 0.1)
      jwt (~> 0.1.4)
      multi_json (~> 1.0)
      rack (~> 1.2)
    omniauth (1.1.1)
      hashie (~> 1.2)
      rack
    omniauth-facebook (1.4.1)
      omniauth-oauth2 (~> 1.1.0)
    omniauth-oauth2 (1.1.1)
      oauth2 (~> 0.8.0)
      omniauth (~> 1.0)
    orm_adapter (0.4.0)
    pg (0.14.1)
    polyamorous (0.5.0)
      activerecord (~> 3.0)
    polyglot (0.3.3)
    pretty_param (1.1.1)
    rack (1.4.1)
    rack-cache (1.2)
      rack (>= 0.4)
    rack-contrib (1.1.0)
      rack (>= 0.9.1)
    rack-ssl (1.3.2)
      rack
    rack-test (0.6.2)
      rack (>= 1.0)
    rails (3.2.8)
      actionmailer (= 3.2.8)
      actionpack (= 3.2.8)
      activerecord (= 3.2.8)
      activeresource (= 3.2.8)
      activesupport (= 3.2.8)
      bundler (~> 1.0)
      railties (= 3.2.8)
    railties (3.2.8)
      actionpack (= 3.2.8)
      activesupport (= 3.2.8)
      rack-ssl (~> 1.3.2)
      rake (>= 0.8.7)
      rdoc (~> 3.4)
      thor (>= 0.14.6, < 2.0)
    raindrops (0.10.0)
    rake (0.9.2.2)
    ransack (0.7.0)
      actionpack (~> 3.0)
      activerecord (~> 3.0)
      polyamorous (~> 0.5.0)
    rdoc (3.12)
      json (~> 1.4)
    redactor-rails (0.3.2)
      mime-types
      orm_adapter
    rmagick (2.13.1)
    rolify (3.2.0)
    rspec-core (2.12.2)
    rspec-expectations (2.12.1)
      diff-lcs (~> 1.1.3)
    rspec-mocks (2.12.0)
    rspec-rails (2.12.0)
      actionpack (>= 3.0)
      activesupport (>= 3.0)
      railties (>= 3.0)
      rspec-core (~> 2.12.0)
      rspec-expectations (~> 2.12.0)
      rspec-mocks (~> 2.12.0)
    rubyzip (0.9.9)
    sass (3.2.1)
    sass-rails (3.2.5)
      railties (~> 3.2.0)
      sass (>= 3.1.10)
      tilt (~> 1.3)
    selenium-webdriver (2.27.2)
      childprocess (>= 0.2.5)
      libwebsocket (~> 0.1.3)
      multi_json (~> 1.0)
      rubyzip
    simple_form (2.0.3)
      actionpack (~> 3.0)
      activemodel (~> 3.0)
    spork (0.9.0.rc8)
    sprockets (2.1.3)
      hike (~> 1.2)
      rack (~> 1.0)
      tilt (~> 1.1, != 1.3.0)
    sqlite3 (1.3.6)
    squeel (1.0.13)
      activerecord (~> 3.0)
      activesupport (~> 3.0)
      polyamorous (~> 0.5.0)
    state_machine (1.1.2)
    subexec (0.2.2)
    therubyracer (0.10.2)
      libv8 (~> 3.3.10)
    thor (0.16.0)
    tilt (1.3.3)
    treetop (1.4.11)
      polyglot
      polyglot (>= 0.3.1)
    twitter-bootstrap-rails (2.0.9)
      actionpack (>= 3.1)
      less-rails (~> 2.2.2)
      railties (>= 3.1)
      therubyracer (~> 0.10.1)
    tzinfo (0.3.33)
    uglifier (1.3.0)
      execjs (>= 0.3.0)
      multi_json (~> 1.0, >= 1.0.2)
    unicorn (4.6.2)
      kgio (~> 2.6)
      rack
      raindrops (~> 0.7)
    warden (1.2.1)
      rack (>= 1.0)
    webrat (0.7.1)
      nokogiri (>= 1.2.0)
      rack (>= 1.0)
      rack-test (>= 0.5.3)
    websocket (1.0.4)
    wicked (0.1.4)
      activesupport (>= 3.0.7)
      rails (>= 3.0.7)
    will_paginate (3.0.3)
    will_paginate-bootstrap (0.2.1)
      will_paginate (>= 3.0.3)
    xpath (1.0.0)
      nokogiri (~> 1.3)

PLATFORMS
  ruby

DEPENDENCIES
  acts_as_commentable (= 3.0.1)
  acts_as_list
  annotate
  best_in_place
  better_errors
  binding_of_caller
  cancan
  capistrano
  capybara
  carrierwave
  coffee-rails (~> 3.2.1)
  devise
  factory_girl_rails (= 1.0)
  faker
  jquery-fileupload-rails
  jquery-rails
  launchy
  less-rails
  meta_request (= 0.2.1)
  mini_magick
  omniauth-facebook
  pg
  pretty_param
  rails (= 3.2.8)
  ransack
  redactor-rails
  rmagick
  rolify
  rspec-rails
  sass-rails (~> 3.2.3)
  simple_form
  spork
  sqlite3
  squeel
  state_machine
  therubyracer
  twitter-bootstrap-rails (= 2.0.9)
  uglifier (>= 1.0.3)
  unicorn
  webrat
  wicked
  will_paginate
  will_paginate-bootstrap
